GEM
  remote: https://rubygems.org/
  specs:
    backports (3.15.0)
    bcrypt (3.1.13)
    byebug (11.0.1)
    coderay (1.1.2)
    method_source (0.9.2)
    multi_json (1.13.1)
    mustermann (1.0.3)
    mysql2 (0.5.2)
    nio4r (2.5.1)
    pbkdf2-ruby (0.2.1)
    pry (0.12.2)
      coderay (~> 1.1.0)
      method_source (~> 0.9.0)
    pry-byebug (3.7.0)
      byebug (~> 11.0)
      pry (~> 0.10)
    puma (4.1.0)
      nio4r (~> 2.0)
    rack (2.0.7)
    rack-protection (2.0.5)
      rack
    redis (4.1.2)
    sequel (5.20.0)
    sequel_password (0.2.2)
      bcrypt (~> 3.1, >= 3.1.11)
      pbkdf2-ruby (~> 0.2.1)
      sequel (>= 4.39.0)
    sinatra (2.0.5)
      mustermann (~> 1.0)
      rack (~> 2.0)
      rack-protection (= 2.0.5)
      tilt (~> 2.0)
    sinatra-contrib (2.0.5)
      backports (>= 2.8.2)
      multi_json
      mustermann (~> 1.0)
      rack-protection (= 2.0.5)
      sinatra (= 2.0.5)
      tilt (>= 1.3, < 3)
    tilt (2.0.9)

PLATFORMS
  ruby

DEPENDENCIES
  mysql2
  pry
  pry-byebug
  puma
  redis
  sequel
  sequel_password
  sinatra
  sinatra-contrib

BUNDLED WITH
   2.0.1
